GEM
  remote: http://rubygems.org/
  specs:
    backports (3.3.3)
    classifier (1.3.3)
      fast-stemmer (>= 1.0.0)
    colorator (0.1)
    commander (4.1.5)
      highline (~> 1.6.11)
    dalli (2.6.4)
    directory_watcher (1.4.1)
    fast-stemmer (1.0.2)
    haml (4.0.3)
      tilt
    highline (1.6.19)
    jekyll (1.1.2)
      classifier (~> 1.3)
      colorator (~> 0.1)
      commander (~> 4.1.3)
      directory_watcher (~> 1.4.1)
      kramdown (~> 1.0.2)
      liquid (~> 2.5.1)
      maruku (~> 0.5)
      pygments.rb (~> 0.5.0)
      redcarpet (~> 2.2.2)
      safe_yaml (~> 0.7.0)
    kgio (2.8.0)
    kramdown (1.0.2)
    liquid (2.5.2)
    maruku (0.6.1)
      syntax (>= 1.0.0)
    memcachier (0.0.2)
    multi_json (1.7.9)
    posix-spawn (0.3.6)
    pygments.rb (0.5.2)
      posix-spawn (~> 0.3.6)
      yajl-ruby (~> 1.1.0)
    r18n-core (1.1.6)
    rack (1.5.2)
    rack-cache (1.2)
      rack (>= 0.4)
    rack-protection (1.5.0)
      rack
    rack-test (0.6.2)
      rack (>= 1.0)
    raindrops (0.12.0)
    rdiscount (2.1.6)
    redcarpet (2.2.2)
    safe_yaml (0.7.1)
    sinatra (1.4.3)
      rack (~> 1.4)
      rack-protection (~> 1.4)
      tilt (~> 1.3, >= 1.3.4)
    sinatra-contrib (1.4.1)
      backports (>= 2.0)
      multi_json
      rack-protection
      rack-test
      sinatra (~> 1.4.0)
      tilt (~> 1.3)
    sinatra-initializers (0.1.4)
    sinatra-r18n (1.1.6)
      r18n-core (= 1.1.6)
      sinatra (>= 1.3)
    sinatra-reloader (1.0)
      sinatra-contrib
    syntax (1.0.0)
    tilt (1.4.1)
    unicorn (4.6.3)
      kgio (~> 2.6)
      rack
      raindrops (~> 0.7)
    yajl-ruby (1.1.0)

PLATFORMS
  ruby

DEPENDENCIES
  dalli
  haml
  jekyll
  memcachier
  rack-cache
  rdiscount
  sinatra
  sinatra-initializers
  sinatra-r18n
  sinatra-reloader
  unicorn
